GEM
  remote: http://rubygems.org/
  specs:
    Ascii85 (1.0.2)
    afm (0.2.0)
    dalli (2.6.4)
    erubis (2.7.0)
    hashery (2.1.1)
    innate (2013.02.21)
      rack (~> 1.5.2)
    kgio (2.8.1)
    pdf-reader (1.3.3)
      Ascii85 (~> 1.0.0)
      afm (~> 0.2.0)
      hashery (~> 2.0)
      ruby-rc4
      ttfunk
    prawn (0.12.0)
      pdf-reader (>= 0.9.0)
      ttfunk (~> 1.0.2)
    rack (1.5.2)
    rake (0.9.6)
    ramaze (2012.12.08)
      innate (>= 2012.12)
      rake
    ruby-rc4 (0.1.5)
    ttfunk (1.0.3)

PLATFORMS
  ruby

DEPENDENCIES
  dalli
  erubis
  kgio
  prawn
  ramaze
