GEM
  remote: http://rubygems.org/
  specs:
    Ascii85 (1.0.1)
    erubis (2.7.0)
    innate (2011.04)
      rack (>= 1.1.0)
    pdf-reader (0.10.0)
      Ascii85 (~> 1.0.0)
    prawn (0.11.1)
      pdf-reader (>= 0.9.0)
      ttfunk (~> 1.0.0)
    rack (1.3.2)
    ramaze (2011.07.25)
      innate (>= 2010.03)
    ttfunk (1.0.1)

PLATFORMS
  ruby

DEPENDENCIES
  erubis
  prawn
  ramaze
