GEM
  remote: http://rubygems.org/
  specs:
    Ascii85 (1.0.1)
    dalli (1.1.4)
    erubis (2.7.0)
    innate (2011.10)
      rack (>= 1.1.0)
    kgio (2.7.0)
    pdf-reader (0.10.1)
      Ascii85 (~> 1.0.0)
    prawn (0.12.0)
      pdf-reader (>= 0.9.0)
      ttfunk (~> 1.0.2)
    rack (1.3.5)
    ramaze (2011.10.23)
      innate (>= 2010.03)
    ttfunk (1.0.3)

PLATFORMS
  ruby

DEPENDENCIES
  dalli
  erubis
  kgio
  prawn
  ramaze
